FRAMEWORK: >= NET45
NUGET
  remote: https://www.nuget.org/api/v2
  specs:
    DotLiquid (1.8)
    FAKE (4.25.4)
    FSharp.Compiler.Service (3.0)
    FSharp.Core (4.0.0.1)
    Suave (1.0)
      FSharp.Core (>= 3.1.2.5)
    Suave.DotLiquid (1.0)
      DotLiquid (>= 1.8)
      FSharp.Core (>= 3.1.2.5)
      Suave (>= 1.0)
    Suave.Experimental (1.0)
      FSharp.Core (>= 3.1.2.5)
      Suave (>= 1.0)
